GEM
  remote: https://rubygems.org/
  specs:
    coffee-script (2.2.0)
      coffee-script-source
      execjs
    coffee-script-source (1.3.1)
    execjs (1.3.0)
      multi_json (~> 1.0)
    fssm (0.2.9)
    haml (3.1.4)
    multi_json (1.3.2)
    rake (12.3.3)
    sass (3.1.15)

PLATFORMS
  ruby

DEPENDENCIES
  coffee-script
  fssm
  haml
  rake
  sass
