GEM
  remote: https://rubygems.org/
  specs:
    coffee-script (2.2.0)
      coffee-script-source
      execjs
    coffee-script-source (1.3.1)
    execjs (1.3.0)
      multi_json (~> 1.0)
    fssm (0.2.9)
    haml (5.0.0)
      temple (>= 0.8.0)
      tilt
    multi_json (1.3.2)
    rake (0.9.2.2)
    sass (3.1.15)
    temple (0.8.2)
    tilt (2.0.10)

PLATFORMS
  ruby

DEPENDENCIES
  coffee-script
  fssm
  haml
  rake
  sass
